PATH
  remote: .
  specs:
    photo_geoloader (0.0.0)
      exifr (~> 1.1.3)

GEM
  remote: https://rubygems.org/
  specs:
    diff-lcs (1.2.4)
    exifr (1.1.3)
    rake (10.1.0)
    rspec (2.14.1)
      rspec-core (~> 2.14.0)
      rspec-expectations (~> 2.14.0)
      rspec-mocks (~> 2.14.0)
    rspec-core (2.14.7)
    rspec-expectations (2.14.3)
      diff-lcs (>= 1.1.3, < 2.0)
    rspec-mocks (2.14.4)

PLATFORMS
  ruby

DEPENDENCIES
  photo_geoloader!
  rake (~> 10.1.0)
  rspec (~> 2.14.1)
