PATH
  remote: .
  specs:
    photo_geoloader (0.0.1)
      exifr (~> 1.1.3)

GEM
  remote: https://rubygems.org/
  specs:
    coderay (1.0.9)
    diff-lcs (1.2.4)
    exifr (1.1.3)
    method_source (0.8.2)
    pry (0.9.12.2)
      coderay (~> 1.0.5)
      method_source (~> 0.8)
      slop (~> 3.4)
    rake (10.1.0)
    rspec (2.14.1)
      rspec-core (~> 2.14.0)
      rspec-expectations (~> 2.14.0)
      rspec-mocks (~> 2.14.0)
    rspec-core (2.14.7)
    rspec-expectations (2.14.3)
      diff-lcs (>= 1.1.3, < 2.0)
    rspec-mocks (2.14.4)
    slop (3.4.6)

PLATFORMS
  ruby

DEPENDENCIES
  photo_geoloader!
  pry (~> 0.9.12.2)
  rake (~> 10.1.0)
  rspec (~> 2.14.1)
